GEM
  remote: https://rubygems.org/
  specs:
    mime-types (1.22)
    minitest (4.7.1)
    nokogiri (1.5.9)
    rake (10.0.4)
    rest-client (1.6.7)
      mime-types (>= 1.16)

PLATFORMS
  ruby

DEPENDENCIES
  minitest
  nokogiri
  rake
  rest-client
